GEM
  remote: http://rubygems.org/
  specs:
    addressable (2.2.8)
    builder (3.0.0)
    childprocess (0.3.3)
      ffi (~> 1.0.6)
    chromedriver-helper (0.0.3)
      nokogiri
    columnize (0.3.6)
    cucumber (1.2.1)
      builder (>= 2.1.2)
      diff-lcs (>= 1.1.3)
      gherkin (~> 2.11.0)
      json (>= 1.4.6)
    debugger (1.1.4)
      columnize (>= 0.3.1)
      debugger-linecache (~> 1.1.1)
      debugger-ruby_core_source (~> 1.1.3)
    debugger-linecache (1.1.2)
      debugger-ruby_core_source (>= 1.1.1)
    debugger-ruby_core_source (1.1.3)
    diff-lcs (1.1.3)
    ffi (1.0.11)
    gherkin (2.11.1)
      json (>= 1.4.6)
    headless (0.3.1)
    json (1.7.3)
    libwebsocket (0.1.4)
      addressable
    multi_json (1.3.6)
    net-http-persistent (2.7)
    nokogiri (1.5.5)
    page-object (0.7.1)
      selenium-webdriver (>= 2.24.0)
      watir-webdriver (>= 0.6.1)
    parallel (0.5.17)
    parallel_tests (0.8.4)
      parallel
    rake (0.9.2.2)
    rspec (2.11.0)
      rspec-core (~> 2.11.0)
      rspec-expectations (~> 2.11.0)
      rspec-mocks (~> 2.11.0)
    rspec-core (2.11.0)
    rspec-expectations (2.11.1)
      diff-lcs (~> 1.1.3)
    rspec-mocks (2.11.1)
    rubyzip (0.9.9)
    selenium-webdriver (2.24.0)
      childprocess (>= 0.2.5)
      libwebsocket (~> 0.1.3)
      multi_json (~> 1.0)
      rubyzip
    unicode_utils (1.3.0)
    watir-webdriver (0.6.1)
      selenium-webdriver (>= 2.18.0)

PLATFORMS
  ruby

DEPENDENCIES
  chromedriver-helper
  cucumber
  debugger
  headless
  json
  net-http-persistent
  nokogiri
  page-object
  parallel_tests
  rake
  rspec
  unicode_utils
  watir-webdriver
